GEM
  remote: http://rubygems.org/
  specs:
    activesupport (3.1.1)
      multi_json (~> 1.0)
    cinch (1.1.3)
    i18n (0.6.0)
    multi_json (1.0.3)
    nokogiri (1.5.0)

PLATFORMS
  ruby

DEPENDENCIES
  activesupport (= 3.1.1)
  cinch (= 1.1.3)
  i18n
  nokogiri
